GEM
  remote: https://rubygems.org/
  specs:
    ast (2.4.0)
    c_lexer (2.5.3.0.0)
      ast (~> 2.4.0)
      parser (= 2.5.3.0)
    opal (1.0.0.beta1)
      ast (>= 2.3.0)
      parser (= 2.5.3.0)
    opal-jquery (0.2.0)
      opal (>= 0.5.0, < 1.0.0)
    parser (2.5.3.0)
      ast (~> 2.4.0)
    puma (3.12.1)
    rack (2.0.6)
    shotgun (0.9.2)
      rack (>= 1.0)

PLATFORMS
  ruby

DEPENDENCIES
  c_lexer
  opal (= 1.0.0.beta1)
  opal-jquery
  puma
  rack
  shotgun

BUNDLED WITH
   1.17.3
